PATH
  remote: .
  specs:
    DEwrapper (0.1.0)
      httparty
      nokogiri

GEM
  remote: https://rubygems.org/
  specs:
    dotenv (2.7.2)
    httparty (0.17.0)
      mime-types (~> 3.0)
      multi_xml (>= 0.5.2)
    mime-types (3.2.2)
      mime-types-data (~> 3.2015)
    mime-types-data (3.2019.0331)
    mini_portile2 (2.4.0)
    minitest (5.11.3)
    multi_xml (0.6.0)
    nokogiri (1.10.1)
      mini_portile2 (~> 2.4.0)
    rake (10.5.0)

PLATFORMS
  ruby

DEPENDENCIES
  DEwrapper!
  bundler (~> 1.17)
  dotenv
  minitest (~> 5.0)
  rake (~> 10.0)

BUNDLED WITH
   1.17.2
