PATH
  remote: .
  specs:
    DEwrapper (0.1.0)
      httparty
      nokogiri

GEM
  remote: https://rubygems.org/
  specs:
    dotenv (2.7.2)
    httparty (0.21.0)
      mini_mime (>= 1.0.0)
      multi_xml (>= 0.5.2)
    mini_mime (1.1.2)
    mini_portile2 (2.4.0)
    minitest (5.11.3)
    multi_xml (0.6.0)
    nokogiri (1.10.8)
      mini_portile2 (~> 2.4.0)
    rake (13.0.1)

PLATFORMS
  ruby

DEPENDENCIES
  DEwrapper!
  bundler (~> 1.17)
  dotenv
  minitest (~> 5.0)
  rake (~> 13.0)

BUNDLED WITH
   1.17.2
